GEM
  remote: https://rubygems.org/
  specs:
    backports (3.11.3)
    haml (4.0.6)
      tilt
    mini_portile (0.6.2)
    multi_json (1.13.1)
    nokogiri (1.6.6.2)
      mini_portile (~> 0.6.0)
    rack (1.6.10)
    rack-protection (1.5.5)
      rack
    rack-test (1.0.0)
      rack (>= 1.0, < 3)
    sinatra (1.4.8)
      rack (~> 1.5)
      rack-protection (~> 1.4)
      tilt (>= 1.3, < 3)
    sinatra-contrib (1.4.7)
      backports (>= 2.0)
      multi_json
      rack-protection
      rack-test
      sinatra (~> 1.4.0)
      tilt (>= 1.3, < 3)
    tilt (1.4.1)

PLATFORMS
  ruby

DEPENDENCIES
  haml
  nokogiri
  sinatra (~> 1.4.8)
  sinatra-contrib (~> 1.4.6)

BUNDLED WITH
   1.15.3
